GEM
  remote: http://rubygems.org/
  specs:
    blankslate (3.1.3)
    cantor (1.2.1)
    diff-lcs (1.3)
    rake (12.3.0)
    rcov (1.0.0)
    redcarpet (3.4.0)
    rspec (3.7.0)
      rspec-core (~> 3.7.0)
      rspec-expectations (~> 3.7.0)
      rspec-mocks (~> 3.7.0)
    rspec-collection_matchers (1.1.3)
      rspec-expectations (>= 2.99.0.beta1)
    rspec-core (3.7.0)
      rspec-support (~> 3.7.0)
    rspec-expectations (3.7.0)
      diff-lcs (>= 1.2.0, < 2.0)
      rspec-support (~> 3.7.0)
    rspec-mocks (3.7.0)
      diff-lcs (>= 1.2.0, < 2.0)
      rspec-support (~> 3.7.0)
    rspec-support (3.7.0)
    term-ansicolor (1.6.0)
      tins (~> 1.0)
    tins (1.16.3)
    yard (0.9.12)

PLATFORMS
  java
  ruby

DEPENDENCIES
  blankslate
  cantor (~> 1.2.1)
  rake
  rcov (~> 1.0.0)
  redcarpet (~> 3.4.0)
  rspec (= 3.7.0)
  rspec-collection_matchers
  term-ansicolor
  yard (~> 0.9.12)

BUNDLED WITH
   1.16.1
